GEM
  remote: https://rubygems.org/
  specs:
    clipboard (1.1.1)
    diff-lcs (1.3)
    guard-compat (1.2.1)
    guard-minitest (2.4.6)
      guard-compat (~> 1.2)
      minitest (>= 3.0)
    jwt (2.0.0)
    minitest (5.10.3)
    rake (12.1.0)
    rr (1.2.1)
    rspec (3.6.0)
      rspec-core (~> 3.6.0)
      rspec-expectations (~> 3.6.0)
      rspec-mocks (~> 3.6.0)
    rspec-core (3.6.0)
      rspec-support (~> 3.6.0)
    rspec-expectations (3.6.0)
      diff-lcs (>= 1.2.0, < 2.0)
      rspec-support (~> 3.6.0)
    rspec-mocks (3.6.0)
      diff-lcs (>= 1.2.0, < 2.0)
      rspec-support (~> 3.6.0)
    rspec-support (3.6.0)
    thor (0.20.0)

PLATFORMS
  ruby

DEPENDENCIES
  clipboard
  guard-minitest
  jwt
  rake
  rr
  rspec
  thor

BUNDLED WITH
   1.15.4
